GEM
  remote: https://rubygems.org/
  specs:
    colorize (0.8.1)
    diffy (3.2.1)
    thor (0.20.0)

PLATFORMS
  ruby

DEPENDENCIES
  colorize
  diffy
  thor

BUNDLED WITH
   1.17.1
